PATH
  remote: .
  specs:
    orbacle (0.0.1)
      lsp-protocol (>= 0.0.2)
      parser (~> 2.4.0.2)
      rgl (~> 0.5.3)
      rubytree (~> 0.9.7)

GEM
  remote: https://rubygems.org/
  specs:
    ast (2.4.0)
    byebug (9.0.5)
    diff-lcs (1.3)
    hash_diff (0.6.3)
    json (1.8.6)
    lazy_priority_queue (0.1.1)
    lsp-protocol (0.0.2)
    parser (2.4.0.2)
      ast (~> 2.3)
    rgl (0.5.3)
      lazy_priority_queue (~> 0.1.0)
      stream (~> 0.5.0)
    rspec (3.5.0)
      rspec-core (~> 3.5.0)
      rspec-expectations (~> 3.5.0)
      rspec-mocks (~> 3.5.0)
    rspec-core (3.5.4)
      rspec-support (~> 3.5.0)
    rspec-expectations (3.5.0)
      diff-lcs (>= 1.2.0, < 2.0)
      rspec-support (~> 3.5.0)
    rspec-mocks (3.5.0)
      diff-lcs (>= 1.2.0, < 2.0)
      rspec-support (~> 3.5.0)
    rspec-support (3.5.0)
    rubytree (0.9.7)
      json (~> 1.8)
      structured_warnings (~> 0.2)
    stream (0.5)
    structured_warnings (0.3.0)

PLATFORMS
  ruby

DEPENDENCIES
  bundler (~> 1.9)
  byebug
  hash_diff (~> 0.6.2)
  orbacle!
  rspec (~> 3.5.0)

BUNDLED WITH
   1.16.1
